GEM
  remote: http://rubygems.org/
  remote: http://rubygems.org/
  remote: http://rubygems.org/
  specs:
    addressable (2.2.6)
    data_objects (0.10.5)
      addressable (~> 2.1)
    dm-core (1.1.0)
      addressable (~> 2.2.4)
    dm-do-adapter (1.1.0)
      data_objects (~> 0.10.2)
      dm-core (~> 1.1.0)
    dm-sqlite-adapter (1.1.0)
      dm-do-adapter (~> 1.1.0)
      do_sqlite3 (~> 0.10.2)
    do_sqlite3 (0.10.5-x86-mingw32)
      data_objects (= 0.10.5)
    mysql (2.8.1-x86-mingw32)
    sqlite3 (1.3.3-x86-mingw32)

PLATFORMS
  x86-mingw32

DEPENDENCIES
  dm-sqlite-adapter
  mysql
  sqlite3
